PATH
  remote: .
  specs:
    metabase (0.5.2)
      faraday (>= 1.2.0)

GEM
  remote: https://rubygems.org/
  specs:
    base64 (0.2.0)
    faraday (2.8.1)
      base64
      faraday-net_http (>= 2.0, < 3.1)
      ruby2_keywords (>= 0.0.4)
    faraday-net_http (3.0.2)
    rake (13.0.3)
    ruby2_keywords (0.0.5)

PLATFORMS
  ruby

DEPENDENCIES
  metabase!
  rake (>= 12.0)

BUNDLED WITH
   2.2.33
